PATH
  remote: .
  specs:
    yargi (0.2.0)

GEM
  remote: http://rubygems.org/
  specs:
    bluecloth (2.0.11)
    diff-lcs (1.1.2)
    highline (1.6.2)
    noe (1.3.0)
      highline (~> 1.6.0)
      quickl (~> 0.2.0)
      wlang (~> 0.10.1)
    quickl (0.2.2)
    rake (0.9.2)
    rspec (2.6.0)
      rspec-core (~> 2.6.0)
      rspec-expectations (~> 2.6.0)
      rspec-mocks (~> 2.6.0)
    rspec-core (2.6.4)
    rspec-expectations (2.6.0)
      diff-lcs (~> 1.1.2)
    rspec-mocks (2.6.0)
    wlang (0.10.2)
    yard (0.7.2)

PLATFORMS
  java
  ruby

DEPENDENCIES
  bluecloth (~> 2.0.9)
  bundler (~> 1.0)
  noe (~> 1.3.0)
  rake (~> 0.9.2)
  rspec (~> 2.6.0)
  wlang (~> 0.10.1)
  yard (~> 0.7.2)
  yargi!
